GEM
  remote: http://rubygems.org/
  specs:
    highline (1.6.13)
    yajl-ruby (1.1.0)

PLATFORMS
  ruby

DEPENDENCIES
  highline
  yajl-ruby
