GEM
  remote: http://rubygems.org/
  specs:
    activesupport (3.2.6)
      i18n (~> 0.6)
      multi_json (~> 1.0)
    highline (1.6.13)
    httparty (0.8.3)
      multi_json (~> 1.0)
      multi_xml
    i18n (0.6.0)
    microcloud (0.0.2)
      activesupport (~> 3.2.6)
      httparty (~> 0.8.3)
      yajl-ruby (~> 1.1.0)
    multi_json (1.3.6)
    multi_xml (0.5.1)
    yajl-ruby (1.1.0)

PLATFORMS
  ruby

DEPENDENCIES
  highline
  microcloud
  yajl-ruby
